GEM
  remote: https://rubygems.org/
  specs:
    activesupport (3.1.12)
      multi_json (~> 1.0)
    autoprefixer-rails (8.1.0.1)
      execjs
    coffee-script (2.4.1)
      coffee-script-source
      execjs
    coffee-script-source (1.12.2)
    concurrent-ruby (1.0.5)
    dimensions (1.3.0)
    evil-blocks-rails (0.7.0)
      sprockets (>= 2)
    evil-front (0.5.1)
      i18n
      nokogiri (>= 1)
      rails-sass-images (>= 0.3)
      rubypants-unicode
      sass (>= 3.2.9)
      slim (>= 1.3.9)
      sprockets (>= 1)
      standalone_typograf (>= 3.0.1)
      unicode_utils (>= 1.4)
    evil-front-all (0.5.0)
      autoprefixer-rails (>= 3.0)
      coffee-script (>= 2.2.0)
      evil-blocks-rails (>= 0.2)
      evil-front (~> 0.5.0)
      jquery-cdn (>= 1)
      sprockets (>= 1)
      uglifier (>= 2.1.1)
    execjs (2.7.0)
    ffi (1.9.23)
    gravatar_image_tag (1.2.0)
    i18n (1.0.0)
      concurrent-ruby (~> 1.0)
    jquery-cdn (2.2.4)
      sprockets (>= 2)
    json (2.1.0)
    libv8 (3.16.14.19)
    mime-types (3.1)
      mime-types-data (~> 3.2015)
    mime-types-data (3.2016.0521)
    mini_portile2 (2.3.0)
    multi_json (1.13.1)
    mustermann (1.0.2)
    nokogiri (1.8.2)
      mini_portile2 (~> 2.3.0)
    r18n-core (2.2.0)
    rack (2.0.4)
    rack-protection (2.0.1)
      rack
    rails-sass-images (1.0.3)
      dimensions (> 0)
      mime-types (> 0)
      sass (> 0)
    rake (12.3.0)
    rb-fsevent (0.10.3)
    rb-inotify (0.9.10)
      ffi (>= 0.5.0, < 2)
    ref (2.0.0)
    rubypants-unicode (0.2.5)
    sass (3.5.5)
      sass-listen (~> 4.0.0)
    sass-listen (4.0.0)
      rb-fsevent (~> 0.9, >= 0.9.4)
      rb-inotify (~> 0.9, >= 0.9.7)
    sinatra (2.0.1)
      mustermann (~> 1.0)
      rack (~> 2.0)
      rack-protection (= 2.0.1)
      tilt (~> 2.0)
    slim (3.0.9)
      temple (>= 0.7.6, < 0.9)
      tilt (>= 1.3.3, < 2.1)
    sprockets (3.7.1)
      concurrent-ruby (~> 1.0)
      rack (> 1, < 3)
    standalone_typograf (3.0.2)
      activesupport
    temple (0.8.0)
    therubyracer (0.12.3)
      libv8 (~> 3.16.14.15)
      ref
    tilt (2.0.8)
    uglifier (4.1.6)
      execjs (>= 0.3.0, < 3)
    unicode_utils (1.4.0)

PLATFORMS
  ruby

DEPENDENCIES
  evil-front-all (>= 0.3.1)
  gravatar_image_tag
  jquery-cdn (>= 2.1.3)
  json
  r18n-core
  rake
  sinatra
  therubyracer

BUNDLED WITH
   1.16.1
