GEM
  remote: http://rubygems.org/
  specs:
    haml (3.1.6)
    sass (3.2.0)

PLATFORMS
  ruby

DEPENDENCIES
  haml
  sass
