GIT
  remote: git://github.com/ai/evil-front.git
  revision: dd9e521d21cf61d0237efd7ca268d58e1b7ee119
  specs:
    evil-front (0.1)
      autoprefixer-rails (>= 0.5)
      coffee-script (>= 2.2.0)
      csso-rails (>= 0.3)
      evil-blocks-rails (>= 0.2)
      jquery-cdn (>= 1)
      nokogiri (>= 1)
      rails-sass-images (>= 0.3)
      sass (>= 3.2.9)
      slim (>= 1.3.9)
      sprockets (>= 1)
      standalone_typograf (>= 3.0.1)
      uglifier (>= 2.1.1)
      unicode_utils (>= 1.4)

GEM
  remote: https://rubygems.org/
  specs:
    activesupport (4.0.2)
      i18n (~> 0.6, >= 0.6.4)
      minitest (~> 4.2)
      multi_json (~> 1.3)
      thread_safe (~> 0.1)
      tzinfo (~> 0.3.37)
    atomic (1.1.14)
    autoprefixer-rails (1.0.20131225)
      execjs
    coffee-script (2.2.0)
      coffee-script-source
      execjs
    coffee-script-source (1.6.3)
    csso-rails (0.3.2)
      execjs (>= 1)
    dimensions (1.3.0)
    evil-blocks-rails (0.4.2)
      sprockets (>= 2)
    execjs (2.0.2)
    gravatar_image_tag (1.2.0)
    hike (1.2.3)
    i18n (0.6.9)
    jquery-cdn (2.0.3)
      sprockets (>= 2)
    json (1.8.1)
    libv8 (3.16.14.3)
    mime-types (2.0)
    mini_portile (0.5.2)
    minitest (4.7.5)
    multi_json (1.8.2)
    nokogiri (1.6.1)
      mini_portile (~> 0.5.0)
    r18n-core (1.1.8)
    rack (1.5.2)
    rack-protection (1.5.1)
      rack
    rails-sass-images (0.3)
      dimensions (> 0)
      mime-types (> 0)
      sass (> 0)
      sprockets (> 0)
    rake (10.1.1)
    ref (1.0.5)
    sass (3.2.13)
    sinatra (1.4.4)
      rack (~> 1.4)
      rack-protection (~> 1.4)
      tilt (~> 1.3, >= 1.3.4)
    slim (2.0.2)
      temple (~> 0.6.6)
      tilt (>= 1.3.3, < 2.1)
    sprockets (2.10.1)
      hike (~> 1.2)
      multi_json (~> 1.0)
      rack (~> 1.0)
      tilt (~> 1.1, != 1.3.0)
    standalone_typograf (3.0.2)
      activesupport
    temple (0.6.7)
    therubyracer (0.12.0)
      libv8 (~> 3.16.14.0)
      ref
    thread_safe (0.1.3)
      atomic
    tilt (1.4.1)
    tzinfo (0.3.38)
    uglifier (2.4.0)
      execjs (>= 0.3.0)
      json (>= 1.8.0)
    unicode_utils (1.4.0)

PLATFORMS
  ruby

DEPENDENCIES
  evil-front!
  gravatar_image_tag
  json
  r18n-core
  rake
  sinatra
  therubyracer
